GEM
  remote: https://rubygems.org/
  specs:
    dotenv (0.9.0)
    faraday (0.9.0)
      multipart-post (>= 1.2, < 3)
    minitest (5.0.8)
    multipart-post (2.0.0)
    rack (1.5.2)
    rack-protection (1.5.2)
      rack
    rack-test (0.6.2)
      rack (>= 1.0)
    rake (10.1.1)
    sinatra (1.4.4)
      rack (~> 1.4)
      rack-protection (~> 1.4)
      tilt (~> 1.3, >= 1.3.4)
    tilt (1.4.1)

PLATFORMS
  ruby

DEPENDENCIES
  dotenv
  faraday
  minitest
  rack-test
  rake
  sinatra
